GEM
  remote: https://rubygems.org/
  specs:
    codecov (0.2.12)
      json
      simplecov
    docile (1.3.3)
    json (2.4.1)
    rake (13.0.2)
    simplecov (0.20.0)
      docile (~> 1.1)
      simplecov-html (~> 0.11)
      simplecov_json_formatter (~> 0.1)
    simplecov-cobertura (1.4.2)
      simplecov (~> 0.8)
    simplecov-html (0.12.3)
    simplecov_json_formatter (0.1.2)

PLATFORMS
  x64-mingw32

DEPENDENCIES
  codecov
  rake
  simplecov-cobertura

BUNDLED WITH
   2.1.4
